GIT
  remote: https://github.com/bcardarella/ember-dev.git
  revision: ad237f852a558d70899b6ed181c14bdca9ef06fa
  branch: master
  specs:
    ember-dev (0.1)
      colored
      execjs
      grit
      kicker
      rack
      rake-pipeline (~> 0.8.0)
      rake-pipeline-web-filters (~> 0.7.0)
      uglifier

GIT
  remote: https://github.com/livingsocial/rake-pipeline.git
  revision: ee992cbcda5172075062be035bcbef2cf1b0ff5d
  specs:
    rake-pipeline (0.8.0)
      json
      rake (~> 10.0.0)
      thor

GEM
  remote: https://rubygems.org/
  specs:
    colored (1.2)
    columnize (0.3.6)
    debugger (1.2.4)
      columnize (>= 0.3.1)
      debugger-linecache (~> 1.1.1)
      debugger-ruby_core_source (~> 1.1.7)
    debugger-linecache (1.1.2)
      debugger-ruby_core_source (>= 1.1.1)
    debugger-ruby_core_source (1.1.7)
    diff-lcs (1.2.1)
    execjs (1.4.0)
      multi_json (~> 1.0)
    grit (2.5.0)
      diff-lcs (~> 1.1)
      mime-types (~> 1.15)
      posix-spawn (~> 0.3.6)
    json (1.7.6)
    kicker (2.6.1)
      listen
    listen (0.7.2)
    mime-types (1.21)
    multi_json (1.6.1)
    posix-spawn (0.3.6)
    rack (1.5.2)
    rake (10.0.3)
    rake-pipeline-web-filters (0.7.0)
      rack
      rake-pipeline (~> 0.6)
    thor (0.17.0)
    uglifier (1.3.0)
      execjs (>= 0.3.0)
      multi_json (~> 1.0, >= 1.0.2)

PLATFORMS
  ruby

DEPENDENCIES
  debugger
  ember-dev!
  rake-pipeline!
